GEM
  remote: https://rubygems.org/
  remote: https://doxo:13329137!@gems.doxo.com:10443/
  specs:
    activesupport (4.0.0)
      i18n (~> 0.6, >= 0.6.4)
      minitest (~> 4.2)
      multi_json (~> 1.3)
      thread_safe (~> 0.1)
      tzinfo (~> 0.3.37)
    application_configuration (0.0.2)
    atomic (1.1.10)
    httparty (0.11.0)
      multi_json (~> 1.0)
      multi_xml (>= 0.5.2)
    i18n (0.6.4)
    minitest (4.7.5)
    multi_json (1.7.7)
    multi_xml (0.5.4)
    thor (0.18.1)
    thread_safe (0.1.0)
      atomic
    tzinfo (0.3.37)

PLATFORMS
  ruby

DEPENDENCIES
  activesupport
  application_configuration (~> 0.0.1)
  httparty
  thor
